Brain Vision Data Exchange Header File Version 2.0
; Data created from history path: record-[2014.06.23-11.34.27]/Raw Data/Filters

[Common Infos]
Codepage=UTF-8
DataFile=OpenVibe.dat
MarkerFile=OpenVibe.vmrk
DataFormat=BINARY
; Data orientation: VECTORIZED=ch1,pt1, ch1,pt2..., MULTIPLEXED=ch1,pt1, ch2,pt1 ...
DataOrientation=MULTIPLEXED
DataType=TIMEDOMAIN
NumberOfChannels=16
DataPoints=7276
; Sampling interval in microseconds if time domain (convert to Hertz:
; 1000000 / SamplingInterval) or in Hertz if frequency domain:
SamplingInterval=7812.5

[User Infos]
; Each entry: Prop<Number>=<Type>,<Name>,<Value>,<Value2>,...,<ValueN>
; Property number must be unique. Types can be int, single, string, bool, byte, double, uint
; or arrays of those, indicated int-array etc
; Array types have more than one value, number of values determines size of array.
; Fields are delimited by commas, commas in strings are written \1

[Binary Infos]
BinaryFormat=IEEE_FLOAT_32

[Channel Infos]
; Each entry: Ch<Channel number>=<Name>,<Reference channel name>,
; <Resolution in "Unit">,<Unit>, Future extensions...
; Fields are delimited by commas, some fields might be omitted (empty).
; Commas in channel names are coded as "\1".
Ch1=AF3,,,µV
Ch2=F7,,,µV
Ch3=F3,,,µV
Ch4=FC5,,,µV
Ch5=T7,,,µV
Ch6=P7,,,µV
Ch7=O1,,,µV
Ch8=O2,,,µV
Ch9=P8,,,µV
Ch10=T8,,,µV
Ch11=FC6,,,µV
Ch12=F4,,,µV
Ch13=F8,,,µV
Ch14=AF4,,,µV
Ch15=Gyro-X,,,µV
Ch16=Gyro-Y,,,µV

[Channel User Infos]
; Each entry: Prop<Number>=Ch<ChannelNumber>,<Type>,<Name>,<Value>,<Value2>,...,<ValueN>
; Property number must be unique. Types can be int, single, string, bool, byte, double, uint
; or arrays of those, indicated int-array etc
; Array types have more than one value, number of values determines size of array.
; Fields are delimited by commas, commas in strings are written \1
; Properties are assigned to channels using their channel number.

[Coordinates]
; Each entry: Ch<Channel number>=<Radius>,<Theta>,<Phi>
Ch1=1,-74,-68
Ch2=1,-90,-36
Ch3=1,-60,-51
Ch4=1,-69,-21
Ch5=1,-90,0
Ch6=1,-90,36
Ch7=1,-90,72
Ch8=1,90,-72
Ch9=1,90,-36
Ch10=1,90,0
Ch11=1,69,21
Ch12=1,60,51
Ch13=1,90,36
Ch14=1,74,68
Ch15=0,0,0
Ch16=0,0,0
